GIT
  remote: git://github.com/chip-rosenthal/findit-support.git
  revision: 7739274ea398894a5a84a0758e62ace04ec89413
  specs:
    findit-support (0.0.2)
      json_pure (~> 1.7.7)
      sequel (~> 3.45.0)
      sqlite3 (~> 1.3.7)

GEM
  specs:
    json_pure (1.7.7)
    rack (1.5.2)
    rack-protection (1.5.0)
      rack
    sequel (3.45.0)
    sinatra (1.4.3)
      rack (~> 1.4)
      rack-protection (~> 1.4)
      tilt (~> 1.3, >= 1.3.4)
    sqlite3 (1.3.8)
    tilt (1.4.1)

PLATFORMS
  ruby

DEPENDENCIES
  findit-support (~> 0.0.1)!
  sinatra (~> 1.4.3)
  sqlite3 (~> 1.3.8)
